GEM
  remote: http://rubygems.org/
  remote: https://rubygems.org/
  specs:
    bourbon (4.2.7)
      sass (~> 3.4)
      thor (~> 0.19)
    hike (1.2.3)
    multi_json (1.12.1)
    neat (1.8.0)
      sass (>= 3.3)
      thor (~> 0.19)
    rack (1.6.4)
    rake (11.3.0)
    sass (3.4.22)
    sprockets (2.12.4)
      hike (~> 1.2)
      multi_json (~> 1.0)
      rack (~> 1.0)
      tilt (~> 1.1, != 1.3.0)
    sprockets-sass (1.3.1)
      sprockets (~> 2.0)
      tilt (~> 1.1)
    thor (0.19.1)
    tilt (1.4.1)

PLATFORMS
  ruby

DEPENDENCIES
  bourbon
  neat
  rake
  sass
  sprockets-sass

BUNDLED WITH
   1.12.5
